GIT
  remote: https://github.com/manfe/refile.git
  revision: 46b4178654e60bb5846b1423acf6d0740cdecc25
  specs:
    refile (0.6.2)
      mime-types
      rest-client (~> 2)
      sinatra (~> 2.0.0.beta2)

GEM
  remote: https://rubygems.org/
  specs:
    actioncable (7.0.8.3)
      actionpack (= 7.0.8.3)
      activesupport (= 7.0.8.3)
      nio4r (~> 2.0)
      websocket-driver (>= 0.6.1)
    actionmailbox (7.0.8.3)
      actionpack (= 7.0.8.3)
      activejob (= 7.0.8.3)
      activerecord (= 7.0.8.3)
      activestorage (= 7.0.8.3)
      activesupport (= 7.0.8.3)
      mail (>= 2.7.1)
      net-imap
      net-pop
      net-smtp
    actionmailer (7.0.8.3)
      actionpack (= 7.0.8.3)
      actionview (= 7.0.8.3)
      activejob (= 7.0.8.3)
      activesupport (= 7.0.8.3)
      mail (~> 2.5, >= 2.5.4)
      net-imap
      net-pop
      net-smtp
      rails-dom-testing (~> 2.0)
    actionpack (7.0.8.3)
      actionview (= 7.0.8.3)
      activesupport (= 7.0.8.3)
      rack (~> 2.0, >= 2.2.4)
      rack-test (>= 0.6.3)
      rails-dom-testing (~> 2.0)
      rails-html-sanitizer (~> 1.0, >= 1.2.0)
    actiontext (7.0.8.3)
      actionpack (= 7.0.8.3)
      activerecord (= 7.0.8.3)
      activestorage (= 7.0.8.3)
      activesupport (= 7.0.8.3)
      globalid (>= 0.6.0)
      nokogiri (>= 1.8.5)
    actionview (7.0.8.3)
      activesupport (= 7.0.8.3)
      builder (~> 3.1)
      erubi (~> 1.4)
      rails-dom-testing (~> 2.0)
      rails-html-sanitizer (~> 1.1, >= 1.2.0)
    activejob (7.0.8.3)
      activesupport (= 7.0.8.3)
      globalid (>= 0.3.6)
    activemodel (7.0.8.3)
      activesupport (= 7.0.8.3)
    activemodel-serializers-xml (1.0.2)
      activemodel (> 5.x)
      activesupport (> 5.x)
      builder (~> 3.1)
    activerecord (7.0.8.3)
      activemodel (= 7.0.8.3)
      activesupport (= 7.0.8.3)
    activestorage (7.0.8.3)
      actionpack (= 7.0.8.3)
      activejob (= 7.0.8.3)
      activerecord (= 7.0.8.3)
      activesupport (= 7.0.8.3)
      marcel (~> 1.0)
      mini_mime (>= 1.1.0)
    activesupport (7.0.8.3)
      concurrent-ruby (~> 1.0, >= 1.0.2)
      i18n (>= 1.6, < 2)
      minitest (>= 5.1)
      tzinfo (~> 2.0)
    addressable (2.8.7)
      public_suffix (>= 2.0.2, < 7.0)
    audiojs-rails (1.0.1)
      railties (>= 3.1)
    autoprefixer-rails (10.4.16.0)
      execjs (~> 2)
    base64 (0.2.0)
    bcrypt (3.1.20)
    bigdecimal (3.1.8)
    bindex (0.8.1)
    bootsnap (1.18.3)
      msgpack (~> 1.2)
    bootstrap (5.3.3)
      autoprefixer-rails (>= 9.1.0)
      popper_js (>= 2.11.8, < 3)
    builder (3.2.4)
    bullet (7.2.0)
      activesupport (>= 3.0.0)
      uniform_notifier (~> 1.11)
    cancancan (3.6.1)
    concurrent-ruby (1.2.3)
    connection_pool (2.4.1)
    crass (1.0.6)
    csv (3.3.0)
    date (3.3.4)
    debug (1.9.2)
      irb (~> 1.10)
      reline (>= 0.3.8)
    devise (4.9.4)
      bcrypt (~> 3.0)
      orm_adapter (~> 0.1)
      railties (>= 4.1.0)
      responders
      warden (~> 1.2.3)
    domain_name (0.6.20240107)
    dotenv (3.1.2)
    erubi (1.12.0)
    et-orbi (1.2.11)
      tzinfo
    execjs (2.9.1)
    faker (3.4.2)
      i18n (>= 1.8.11, < 2)
    faraday (2.10.1)
      faraday-net_http (>= 2.0, < 3.2)
      logger
    faraday-net_http (3.1.1)
      net-http
    faraday-retry (2.2.1)
      faraday (~> 2.0)
    ffi (1.17.0-x86_64-linux-gnu)
    fugit (1.11.0)
      et-orbi (~> 1, >= 1.2.11)
      raabro (~> 1.4)
    gapic-common (0.22.0)
      faraday (>= 1.9, < 3.a)
      faraday-retry (>= 1.0, < 3.a)
      google-protobuf (>= 3.25, < 5.a)
      googleapis-common-protos (~> 1.6)
      googleapis-common-protos-types (~> 1.15)
      googleauth (~> 1.11)
      grpc (~> 1.65)
    globalid (1.2.1)
      activesupport (>= 6.1)
    google-cloud-core (1.7.1)
      google-cloud-env (>= 1.0, < 3.a)
      google-cloud-errors (~> 1.0)
    google-cloud-env (2.1.1)
      faraday (>= 1.0, < 3.a)
    google-cloud-errors (1.4.0)
    google-cloud-translate (3.6.1)
      google-cloud-core (~> 1.6)
      google-cloud-translate-v2 (>= 0.0, < 2.a)
      google-cloud-translate-v3 (>= 0.11, < 2.a)
    google-cloud-translate-v2 (1.0.0)
      faraday (>= 1.0, < 3.a)
      google-cloud-core (~> 1.6)
      googleapis-common-protos (>= 1.3.10, < 2.a)
      googleapis-common-protos-types (>= 1.0.5, < 2.a)
      googleauth (>= 0.16.2, < 2.a)
    google-cloud-translate-v3 (1.0.0)
      gapic-common (>= 0.21.1, < 2.a)
      google-cloud-errors (~> 1.0)
    google-protobuf (4.27.3-x86_64-linux)
      bigdecimal
      rake (>= 13)
    googleapis-common-protos (1.6.0)
      google-protobuf (>= 3.18, < 5.a)
      googleapis-common-protos-types (~> 1.7)
      grpc (~> 1.41)
    googleapis-common-protos-types (1.15.0)
      google-protobuf (>= 3.18, < 5.a)
    googleauth (1.11.0)
      faraday (>= 1.0, < 3.a)
      google-cloud-env (~> 2.1)
      jwt (>= 1.4, < 3.0)
      multi_json (~> 1.11)
      os (>= 0.9, < 2.0)
      signet (>= 0.16, < 2.a)
    grpc (1.65.2-x86_64-linux)
      google-protobuf (>= 3.25, < 5.0)
      googleapis-common-protos-types (~> 1.0)
    http-accept (1.7.0)
    http-cookie (1.0.5)
      domain_name (~> 0.5)
    httparty (0.22.0)
      csv
      mini_mime (>= 1.0.0)
      multi_xml (>= 0.5.2)
    i18n (1.14.5)
      concurrent-ruby (~> 1.0)
    importmap-rails (2.0.1)
      actionpack (>= 6.0.0)
      activesupport (>= 6.0.0)
      railties (>= 6.0.0)
    io-console (0.7.2)
    irb (1.13.1)
      rdoc (>= 4.0.0)
      reline (>= 0.4.2)
    jbuilder (2.12.0)
      actionview (>= 5.0.0)
      activesupport (>= 5.0.0)
    jwt (2.8.2)
      base64
    kaminari (1.2.2)
      activesupport (>= 4.1.0)
      kaminari-actionview (= 1.2.2)
      kaminari-activerecord (= 1.2.2)
      kaminari-core (= 1.2.2)
    kaminari-actionview (1.2.2)
      actionview
      kaminari-core (= 1.2.2)
    kaminari-activerecord (1.2.2)
      activerecord
      kaminari-core (= 1.2.2)
    kaminari-core (1.2.2)
    logger (1.6.0)
    loofah (2.22.0)
      crass (~> 1.0.2)
      nokogiri (>= 1.12.0)
    mail (2.8.1)
      mini_mime (>= 0.1.1)
      net-imap
      net-pop
      net-smtp
    marcel (1.0.4)
    method_source (1.1.0)
    mime-types (3.5.2)
      mime-types-data (~> 3.2015)
    mime-types-data (3.2024.0507)
    mini_magick (4.12.0)
    mini_mime (1.1.5)
    minitest (5.23.1)
    msgpack (1.7.2)
    multi_json (1.15.0)
    multi_xml (0.7.1)
      bigdecimal (~> 3.1)
    mustermann (1.1.2)
      ruby2_keywords (~> 0.0.1)
    mysql2 (0.5.6)
    nested_form (0.3.2)
    net-http (0.4.1)
      uri
    net-imap (0.4.11)
      date
      net-protocol
    net-pop (0.1.2)
      net-protocol
    net-protocol (0.2.2)
      timeout
    net-smtp (0.5.0)
      net-protocol
    netrc (0.11.0)
    nio4r (2.7.3)
    nokogiri (1.16.5-x86_64-linux)
      racc (~> 1.4)
    orm_adapter (0.5.0)
    os (1.1.4)
    parallel (1.26.2)
    popper_js (2.11.8)
    psych (5.1.2)
      stringio
    public_suffix (6.0.1)
    puma (5.6.8)
      nio4r (~> 2.0)
    raabro (1.4.0)
    racc (1.8.0)
    rack (2.2.9)
    rack-pjax (1.1.0)
      nokogiri (~> 1.5)
      rack (>= 1.1)
    rack-protection (2.0.8.1)
      rack
    rack-test (2.1.0)
      rack (>= 1.3)
    rails (7.0.8.3)
      actioncable (= 7.0.8.3)
      actionmailbox (= 7.0.8.3)
      actionmailer (= 7.0.8.3)
      actionpack (= 7.0.8.3)
      actiontext (= 7.0.8.3)
      actionview (= 7.0.8.3)
      activejob (= 7.0.8.3)
      activemodel (= 7.0.8.3)
      activerecord (= 7.0.8.3)
      activestorage (= 7.0.8.3)
      activesupport (= 7.0.8.3)
      bundler (>= 1.15.0)
      railties (= 7.0.8.3)
    rails-dom-testing (2.2.0)
      activesupport (>= 5.0.0)
      minitest
      nokogiri (>= 1.6)
    rails-html-sanitizer (1.6.0)
      loofah (~> 2.21)
      nokogiri (~> 1.14)
    rails-i18n (7.0.9)
      i18n (>= 0.7, < 2)
      railties (>= 6.0.0, < 8)
    rails_admin (3.0.0.beta2)
      activemodel-serializers-xml (>= 1.0)
      kaminari (>= 0.14, < 2.0)
      nested_form (~> 0.3)
      rack-pjax (>= 0.7)
      rails (>= 6.0, < 8)
    railties (7.0.8.3)
      actionpack (= 7.0.8.3)
      activesupport (= 7.0.8.3)
      method_source
      rake (>= 12.2)
      thor (~> 1.0)
      zeitwerk (~> 2.5)
    rake (13.2.1)
    rdoc (6.7.0)
      psych (>= 4.0.0)
    redis-client (0.22.2)
      connection_pool
    refile-mini_magick (0.2.0)
      mini_magick (~> 4.0)
      refile (~> 0.5)
    reline (0.5.7)
      io-console (~> 0.5)
    responders (3.1.1)
      actionpack (>= 5.2)
      railties (>= 5.2)
    rest-client (2.1.0)
      http-accept (>= 1.7.0, < 2.0)
      http-cookie (>= 1.0.2, < 2.0)
      mime-types (>= 1.16, < 4.0)
      netrc (~> 0.8)
    ruby2_keywords (0.0.5)
    rufus-scheduler (3.9.1)
      fugit (~> 1.1, >= 1.1.6)
    sass-rails (6.0.0)
      sassc-rails (~> 2.1, >= 2.1.1)
    sassc (2.4.0)
      ffi (~> 1.9)
    sassc-rails (2.1.2)
      railties (>= 4.0.0)
      sassc (>= 2.0)
      sprockets (> 3.0)
      sprockets-rails
      tilt
    sidekiq (7.3.0)
      concurrent-ruby (< 2)
      connection_pool (>= 2.3.0)
      logger
      rack (>= 2.2.4)
      redis-client (>= 0.22.2)
    signet (0.19.0)
      addressable (~> 2.8)
      faraday (>= 0.17.5, < 3.a)
      jwt (>= 1.5, < 3.0)
      multi_json (~> 1.10)
    sinatra (2.0.8.1)
      mustermann (~> 1.0)
      rack (~> 2.0)
      rack-protection (= 2.0.8.1)
      tilt (~> 2.0)
    sprockets (4.2.1)
      concurrent-ruby (~> 1.0)
      rack (>= 2.2.4, < 4)
    sprockets-rails (3.4.2)
      actionpack (>= 5.2)
      activesupport (>= 5.2)
      sprockets (>= 3.0.0)
    stimulus-rails (1.3.3)
      railties (>= 6.0.0)
    stringio (3.1.0)
    tailwindcss-rails (2.6.1-x86_64-linux)
      railties (>= 7.0.0)
    thor (1.3.1)
    tilt (2.3.0)
    timeout (0.4.1)
    turbo-rails (2.0.5)
      actionpack (>= 6.0.0)
      activejob (>= 6.0.0)
      railties (>= 6.0.0)
    tzinfo (2.0.6)
      concurrent-ruby (~> 1.0)
    uniform_notifier (1.16.0)
    uri (0.13.0)
    warden (1.2.9)
      rack (>= 2.0.9)
    web-console (4.2.1)
      actionview (>= 6.0.0)
      activemodel (>= 6.0.0)
      bindex (>= 0.4.0)
      railties (>= 6.0.0)
    websocket-driver (0.7.6)
      websocket-extensions (>= 0.1.0)
    websocket-extensions (0.1.5)
    zeitwerk (2.6.14)

PLATFORMS
  x86_64-linux

DEPENDENCIES
  audiojs-rails
  bootsnap
  bootstrap
  bullet
  cancancan
  debug
  devise
  dotenv
  faker
  google-cloud-translate
  httparty
  importmap-rails
  jbuilder
  mysql2 (~> 0.5)
  parallel
  puma (~> 5.0)
  rails (~> 7.0.8, >= 7.0.8.3)
  rails-i18n
  rails_admin
  refile!
  refile-mini_magick
  rufus-scheduler
  sass-rails (>= 4.2)
  sidekiq
  sprockets-rails
  stimulus-rails
  tailwindcss-rails
  turbo-rails
  tzinfo-data
  web-console

RUBY VERSION
   ruby 3.1.6p260

BUNDLED WITH
   2.3.27
